GEM
  remote: http://rubygems.org/
  specs:
    diff-lcs (1.2.5)
    psych (2.0.5)
    rspec (3.0.0)
      rspec-core (~> 3.0.0)
      rspec-expectations (~> 3.0.0)
      rspec-mocks (~> 3.0.0)
    rspec-core (3.0.0)
      rspec-support (~> 3.0.0)
    rspec-expectations (3.0.0)
      diff-lcs (>= 1.2.0, < 2.0)
      rspec-support (~> 3.0.0)
    rspec-mocks (3.0.0)
      rspec-support (~> 3.0.0)
    rspec-support (3.0.0)
    ruby2ruby (2.1.1)
      ruby_parser (~> 3.1)
      sexp_processor (~> 4.0)
    ruby_parser (3.6.1)
      sexp_processor (~> 4.1)
    sexp_path (0.5.2)
      sexp_processor (~> 4.2)
    sexp_processor (4.4.3)

PLATFORMS
  ruby

DEPENDENCIES
  psych
  rspec
  ruby2ruby
  ruby_parser
  sexp_path
